PATH
  remote: .
  specs:
    peach (0.5.1)

GEM
  remote: http://rubygems.org/
  specs:
    rake (13.0.1)
    shoulda (3.0.1)
      shoulda-context (~> 1.0.0)
      shoulda-matchers (~> 1.0.0)
    shoulda-context (1.0.0)
    shoulda-matchers (1.0.0)

PLATFORMS
  ruby

DEPENDENCIES
  peach!
  rake
  shoulda
